GIT
  remote: https://github.com/agmcleod/torquebox-remote-deployer.git
  revision: 58754d757638c6639ea7f69926b6bd4d1f8e5787
  specs:
    torquebox-remote-deployer (0.1.2.pre3-java)
      jruby-openssl
      net-scp
      net-ssh
      rake
      torquebox-rake-support

GEM
  remote: http://rubygems.org/
  specs:
    actionmailer (3.2.3)
      actionpack (= 3.2.3)
      mail (~> 2.4.4)
    actionpack (3.2.3)
      activemodel (= 3.2.3)
      activesupport (= 3.2.3)
      builder (~> 3.0.0)
      erubis (~> 2.7.0)
      journey (~> 1.0.1)
      rack (~> 1.4.0)
      rack-cache (~> 1.2)
      rack-test (~> 0.6.1)
      sprockets (~> 2.1.2)
    activemodel (3.2.3)
      activesupport (= 3.2.3)
      builder (~> 3.0.0)
    activerecord (3.2.3)
      activemodel (= 3.2.3)
      activesupport (= 3.2.3)
      arel (~> 3.0.2)
      tzinfo (~> 0.3.29)
    activerecord-jdbc-adapter (1.2.2.1)
    activeresource (3.2.3)
      activemodel (= 3.2.3)
      activesupport (= 3.2.3)
    activesupport (3.2.3)
      i18n (~> 0.6)
      multi_json (~> 1.0)
    arel (3.0.2)
    blankslate (2.1.2.4)
    bouncy-castle-java (1.5.0146.1)
    builder (3.0.4)
    clj (0.0.5.6)
    coffee-rails (3.2.2)
      coffee-script (>= 2.2.0)
      railties (~> 3.2.0)
    coffee-script (2.2.0)
      coffee-script-source
      execjs
    coffee-script-source (1.4.0)
    diff-lcs (1.1.3)
    erubis (2.7.0)
    execjs (1.4.0)
      multi_json (~> 1.0)
    faraday (0.8.4)
      multipart-post (~> 1.1)
    get_back (0.1.0-java)
    hike (1.2.1)
    i18n (0.6.1)
    jdbc-postgres (9.1.901)
    jdbc-sqlite3 (3.7.2)
    journey (1.0.4)
    jquery-rails (2.1.3)
      railties (>= 3.1.0, < 5.0)
      thor (~> 0.14)
    jruby-openssl (0.7.7)
      bouncy-castle-java (>= 1.5.0146.1)
    json (1.7.5)
    json (1.7.5-java)
    mail (2.4.4)
      i18n (>= 0.4.0)
      mime-types (~> 1.16)
      treetop (~> 1.4.8)
    mime-types (1.19)
    multi_json (1.3.6)
    multipart-post (1.1.5)
    net-scp (1.0.4)
      net-ssh (>= 1.99.1)
    net-ssh (2.6.1)
    polyglot (0.3.3)
    rack (1.4.1)
    rack-cache (1.2)
      rack (>= 0.4)
    rack-ssl (1.3.2)
      rack
    rack-test (0.6.2)
      rack (>= 1.0)
    rails (3.2.3)
      actionmailer (= 3.2.3)
      actionpack (= 3.2.3)
      activerecord (= 3.2.3)
      activeresource (= 3.2.3)
      activesupport (= 3.2.3)
      bundler (~> 1.0)
      railties (= 3.2.3)
    railties (3.2.3)
      actionpack (= 3.2.3)
      activesupport (= 3.2.3)
      rack-ssl (~> 1.3.2)
      rake (>= 0.8.7)
      rdoc (~> 3.4)
      thor (~> 0.14.6)
    rake (0.9.2.2)
    rdoc (3.12)
      json (~> 1.4)
    rspec (2.11.0)
      rspec-core (~> 2.11.0)
      rspec-expectations (~> 2.11.0)
      rspec-mocks (~> 2.11.0)
    rspec-core (2.11.1)
    rspec-expectations (2.11.3)
      diff-lcs (~> 1.1.3)
    rspec-mocks (2.11.3)
    rspec-rails (2.11.4)
      actionpack (>= 3.0)
      activesupport (>= 3.0)
      railties (>= 3.0)
      rspec (~> 2.11.0)
    sass (3.2.1)
    sass-rails (3.2.5)
      railties (~> 3.2.0)
      sass (>= 3.1.10)
      tilt (~> 1.3)
    simple_oauth (0.1.9)
    sprockets (2.1.3)
      hike (~> 1.2)
      rack (~> 1.0)
      tilt (~> 1.1, != 1.3.0)
    therubyrhino (2.0.1)
      therubyrhino_jar (>= 1.7.3)
    therubyrhino_jar (1.7.4)
    thor (0.14.6)
    tilt (1.3.3)
    torquebox (2.1.2)
      thor (>= 0.14.6)
      torquebox-cache (= 2.1.2)
      torquebox-configure (= 2.1.2)
      torquebox-core (= 2.1.2)
      torquebox-messaging (= 2.1.2)
      torquebox-naming (= 2.1.2)
      torquebox-rake-support (= 2.1.2)
      torquebox-security (= 2.1.2)
      torquebox-stomp (= 2.1.2)
      torquebox-transactions (= 2.1.2)
      torquebox-web (= 2.1.2)
    torquebox-cache (2.1.2-java)
      torquebox-core (= 2.1.2)
      torquebox-transactions (= 2.1.2)
    torquebox-configure (2.1.2-java)
      blankslate (= 2.1.2.4)
    torquebox-core (2.1.2-java)
    torquebox-messaging (2.1.2-java)
      clj (= 0.0.5.6)
      torquebox-core (= 2.1.2)
      torquebox-transactions (= 2.1.2)
    torquebox-naming (2.1.2-java)
    torquebox-rake-support (2.1.2)
      rake (>= 0.8.7, < 1.0.0)
    torquebox-security (2.1.2-java)
      torquebox-core (= 2.1.2)
    torquebox-stomp (2.1.2)
      torquebox-core (= 2.1.2)
      torquebox-messaging (= 2.1.2)
    torquebox-transactions (2.1.2)
      torquebox-core (= 2.1.2)
    torquebox-web (2.1.2-java)
    treetop (1.4.12)
      polyglot
      polyglot (>= 0.3.1)
    twitter (2.0.2)
      activesupport (>= 2.3.9, < 4)
      faraday (~> 0.7)
      multi_json (~> 1.0)
      simple_oauth (~> 0.1)
    tzinfo (0.3.34)
    uglifier (1.3.0)
      execjs (>= 0.3.0)
      multi_json (~> 1.0, >= 1.0.2)

PLATFORMS
  java

DEPENDENCIES
  activerecord-jdbc-adapter
  coffee-rails (~> 3.2.1)
  get_back
  jdbc-postgres
  jdbc-sqlite3
  jquery-rails
  jruby-openssl
  json
  rails (= 3.2.3)
  rake (= 0.9.2.2)
  rspec-rails
  sass-rails (~> 3.2.3)
  therubyrhino
  torquebox
  torquebox-remote-deployer!
  twitter (= 2.0.2)
  uglifier (>= 1.0.3)
